GIT
  remote: https://github.com/Shopify/packwerk.git
  revision: 95caea012661e69e9f5d268044f8277c77de2743
  branch: main
  specs:
    packwerk (3.0.1)
      activesupport (>= 6.0)
      ast
      better_html
      bundler
      constant_resolver (>= 0.2.0)
      parallel
      parser
      sorbet-runtime (>= 0.5.9914)
      zeitwerk (>= 2.6.1)

PATH
  remote: .
  specs:
    packs (0.0.22)
      code_ownership (>= 1.33.0)
      colorize
      packs-specification
      packwerk
      parse_packwerk
      rubocop-packs
      sorbet-runtime
      thor
      tty-prompt
      visualize_packs

GEM
  remote: https://rubygems.org/
  specs:
    actionview (7.0.4.3)
      activesupport (= 7.0.4.3)
      builder (~> 3.1)
      erubi (~> 1.4)
      rails-dom-testing (~> 2.0)
      rails-html-sanitizer (~> 1.1, >= 1.2.0)
    activesupport (7.0.4.3)
      concurrent-ruby (~> 1.0, >= 1.0.2)
      i18n (>= 1.6, < 2)
      minitest (>= 5.1)
      tzinfo (~> 2.0)
    ast (2.4.2)
    better_html (2.0.1)
      actionview (>= 6.0)
      activesupport (>= 6.0)
      ast (~> 2.0)
      erubi (~> 1.4)
      parser (>= 2.4)
      smart_properties
    builder (3.2.4)
    byebug (11.1.3)
    code_ownership (1.34.2)
      code_teams (~> 1.0)
      packs-specification
      sorbet-runtime (>= 0.5.10821)
    code_teams (1.0.2)
      sorbet-runtime
    coderay (1.1.3)
    colorize (1.1.0)
    concurrent-ruby (1.2.2)
    constant_resolver (0.2.0)
    crass (1.0.6)
    diff-lcs (1.5.0)
    erubi (1.12.0)
    i18n (1.13.0)
      concurrent-ruby (~> 1.0)
    json (2.6.3)
    loofah (2.21.3)
      crass (~> 1.0.2)
      nokogiri (>= 1.12.0)
    method_source (1.0.0)
    mini_portile2 (2.8.2)
    minitest (5.18.0)
    netrc (0.11.0)
    nokogiri (1.15.0)
      mini_portile2 (~> 2.8.2)
      racc (~> 1.4)
    packs-specification (0.0.9)
      sorbet-runtime
    parallel (1.23.0)
    parse_packwerk (0.19.3)
      sorbet-runtime
    parser (3.2.2.1)
      ast (~> 2.4.1)
    pastel (0.8.0)
      tty-color (~> 0.5)
    pry (0.14.2)
      coderay (~> 1.1)
      method_source (~> 1.0)
    pry-byebug (3.10.1)
      byebug (~> 11.0)
      pry (>= 0.13, < 0.15)
    racc (1.6.2)
    rails-dom-testing (2.0.3)
      activesupport (>= 4.2.0)
      nokogiri (>= 1.6)
    rails-html-sanitizer (1.5.0)
      loofah (~> 2.19, >= 2.19.1)
    rainbow (3.1.1)
    rake (13.0.6)
    rbi (0.0.16)
      ast
      parser (>= 2.6.4.0)
      sorbet-runtime (>= 0.5.9204)
      unparser
    regexp_parser (2.8.0)
    rexml (3.2.5)
    rspec (3.12.0)
      rspec-core (~> 3.12.0)
      rspec-expectations (~> 3.12.0)
      rspec-mocks (~> 3.12.0)
    rspec-core (3.12.2)
      rspec-support (~> 3.12.0)
    rspec-expectations (3.12.3)
      diff-lcs (>= 1.2.0, < 2.0)
      rspec-support (~> 3.12.0)
    rspec-mocks (3.12.5)
      diff-lcs (>= 1.2.0, < 2.0)
      rspec-support (~> 3.12.0)
    rspec-support (3.12.0)
    rubocop (1.51.0)
      json (~> 2.3)
      parallel (~> 1.10)
      parser (>= 3.2.0.0)
      rainbow (>= 2.2.2, < 4.0)
      regexp_parser (>= 1.8, < 3.0)
      rexml (>= 3.2.5, < 4.0)
      rubocop-ast (>= 1.28.0, < 2.0)
      ruby-progressbar (~> 1.7)
      unicode-display_width (>= 2.4.0, < 3.0)
    rubocop-ast (1.28.1)
      parser (>= 3.2.1.0)
    rubocop-capybara (2.18.0)
      rubocop (~> 1.41)
    rubocop-factory_bot (2.23.0)
      rubocop (~> 1.33)
    rubocop-packs (0.0.42)
      activesupport
      packs-specification
      parse_packwerk
      rubocop
      rubocop-sorbet
      sorbet-runtime
    rubocop-rspec (2.22.0)
      rubocop (~> 1.33)
      rubocop-capybara (~> 2.17)
      rubocop-factory_bot (~> 2.22)
    rubocop-sorbet (0.7.2)
      rubocop (>= 0.90.0)
    ruby-graphviz (1.2.5)
      rexml
    ruby-progressbar (1.13.0)
    smart_properties (1.17.0)
    sorbet (0.5.10826)
      sorbet-static (= 0.5.10826)
    sorbet-runtime (0.5.10826)
    sorbet-static (0.5.10826-universal-darwin-14)
    sorbet-static (0.5.10826-universal-darwin-15)
    sorbet-static (0.5.10826-universal-darwin-16)
    sorbet-static (0.5.10826-universal-darwin-17)
    sorbet-static (0.5.10826-universal-darwin-18)
    sorbet-static (0.5.10826-universal-darwin-19)
    sorbet-static (0.5.10826-universal-darwin-20)
    sorbet-static (0.5.10826-universal-darwin-21)
    sorbet-static (0.5.10826-universal-darwin-22)
    sorbet-static (0.5.10826-x86_64-linux)
    sorbet-static-and-runtime (0.5.10826)
      sorbet (= 0.5.10826)
      sorbet-runtime (= 0.5.10826)
    spoom (1.2.1)
      sorbet (>= 0.5.10187)
      sorbet-runtime (>= 0.5.9204)
      thor (>= 0.19.2)
    tapioca (0.11.6)
      bundler (>= 2.2.25)
      netrc (>= 0.11.0)
      parallel (>= 1.21.0)
      rbi (~> 0.0.0, >= 0.0.16)
      sorbet-static-and-runtime (>= 0.5.10187)
      spoom (~> 1.2.0, >= 1.2.0)
      thor (>= 1.2.0)
      yard-sorbet
    thor (1.2.2)
    tty-color (0.6.0)
    tty-cursor (0.7.1)
    tty-prompt (0.23.1)
      pastel (~> 0.8)
      tty-reader (~> 0.8)
    tty-reader (0.9.0)
      tty-cursor (~> 0.7)
      tty-screen (~> 0.8)
      wisper (~> 2.0)
    tty-screen (0.8.1)
    tzinfo (2.0.6)
      concurrent-ruby (~> 1.0)
    unicode-display_width (2.4.2)
    unparser (0.6.7)
      diff-lcs (~> 1.3)
      parser (>= 3.2.0)
    visualize_packs (0.3.1)
      code_ownership
      packs-specification
      parse_packwerk
      rake
      ruby-graphviz
      sorbet-runtime
    wisper (2.0.1)
    yard (0.9.34)
    yard-sorbet (0.8.1)
      sorbet-runtime (>= 0.5)
      yard (>= 0.9)
    zeitwerk (2.6.8)

PLATFORMS
  ruby

DEPENDENCIES
  bundler (~> 2.2)
  packs!
  packwerk!
  pry
  pry-byebug
  rake
  rspec (~> 3.0)
  rubocop
  rubocop-rspec
  sorbet
  sorbet-static
  tapioca

BUNDLED WITH
   2.2.33
