PATH
  remote: .
  specs:
    use_packwerk (0.51.0)
      code_ownership
      colorize
      package_protections
      parse_packwerk
      sorbet-runtime
      thor

GEM
  remote: https://rubygems.org/
  specs:
    activesupport (7.0.3.1)
      concurrent-ruby (~> 1.0, >= 1.0.2)
      i18n (>= 1.6, < 2)
      minitest (>= 5.1)
      tzinfo (~> 2.0)
    ast (2.4.2)
    byebug (11.1.3)
    code_ownership (1.28.0)
      code_teams (~> 1.0)
      parse_packwerk
      sorbet-runtime
    code_teams (1.0.0)
      sorbet-runtime
    coderay (1.1.3)
    colorize (0.8.1)
    concurrent-ruby (1.1.10)
    diff-lcs (1.5.0)
    i18n (1.12.0)
      concurrent-ruby (~> 1.0)
    json (2.6.2)
    method_source (1.0.0)
    minitest (5.16.2)
    package_protections (1.3.0)
      activesupport
      parse_packwerk
      rubocop
      rubocop-sorbet
      sorbet-runtime
    parallel (1.22.1)
    parse_packwerk (0.11.0)
      sorbet-runtime
    parser (3.1.2.0)
      ast (~> 2.4.1)
    pry (0.13.1)
      coderay (~> 1.1)
      method_source (~> 1.0)
    pry-byebug (3.9.0)
      byebug (~> 11.0)
      pry (~> 0.13.0)
    rainbow (3.1.1)
    rake (13.0.6)
    rbi (0.0.14)
      ast
      parser (>= 2.6.4.0)
      sorbet-runtime (>= 0.5.9204)
      unparser
    regexp_parser (2.5.0)
    rexml (3.2.5)
    rspec (3.11.0)
      rspec-core (~> 3.11.0)
      rspec-expectations (~> 3.11.0)
      rspec-mocks (~> 3.11.0)
    rspec-core (3.11.0)
      rspec-support (~> 3.11.0)
    rspec-expectations (3.11.0)
      diff-lcs (>= 1.2.0, < 2.0)
      rspec-support (~> 3.11.0)
    rspec-mocks (3.11.1)
      diff-lcs (>= 1.2.0, < 2.0)
      rspec-support (~> 3.11.0)
    rspec-support (3.11.0)
    rubocop (1.32.0)
      json (~> 2.3)
      parallel (~> 1.10)
      parser (>= 3.1.0.0)
      rainbow (>= 2.2.2, < 4.0)
      regexp_parser (>= 1.8, < 3.0)
      rexml (>= 3.2.5, < 4.0)
      rubocop-ast (>= 1.19.1, < 2.0)
      ruby-progressbar (~> 1.7)
      unicode-display_width (>= 1.4.0, < 3.0)
    rubocop-ast (1.19.1)
      parser (>= 3.1.1.0)
    rubocop-sorbet (0.6.11)
      rubocop (>= 0.90.0)
    ruby-progressbar (1.11.0)
    sorbet (0.5.9962)
      sorbet-static (= 0.5.9962)
    sorbet-runtime (0.5.9976)
    sorbet-static (0.5.9962-universal-darwin-14)
    sorbet-static (0.5.9962-universal-darwin-15)
    sorbet-static (0.5.9962-universal-darwin-16)
    sorbet-static (0.5.9962-universal-darwin-17)
    sorbet-static (0.5.9962-universal-darwin-18)
    sorbet-static (0.5.9962-universal-darwin-19)
    sorbet-static (0.5.9962-universal-darwin-20)
    sorbet-static (0.5.9962-universal-darwin-21)
    sorbet-static (0.5.9962-x86_64-linux)
    spoom (1.1.11)
      sorbet (>= 0.5.9204)
      sorbet-runtime (>= 0.5.9204)
      thor (>= 0.19.2)
    tapioca (0.7.2)
      bundler (>= 1.17.3)
      pry (>= 0.12.2)
      rbi (~> 0.0.0, >= 0.0.14)
      sorbet-runtime (>= 0.5.9204)
      sorbet-static (>= 0.5.9204)
      spoom (~> 1.1.0, >= 1.1.11)
      thor (>= 1.2.0)
      yard-sorbet
    thor (1.2.1)
    tzinfo (2.0.5)
      concurrent-ruby (~> 1.0)
    unicode-display_width (2.2.0)
    unparser (0.6.5)
      diff-lcs (~> 1.3)
      parser (>= 3.1.0)
    webrick (1.7.0)
    yard (0.9.27)
      webrick (~> 1.7.0)
    yard-sorbet (0.6.1)
      sorbet-runtime (>= 0.5)
      yard (>= 0.9)

PLATFORMS
  ruby

DEPENDENCIES
  bundler (~> 2.2)
  pry
  pry-byebug
  rake
  rspec (~> 3.0)
  sorbet
  sorbet-static
  tapioca
  use_packwerk!

BUNDLED WITH
   2.2.29
